GEM
  remote: https://rubygems.org/
  specs:
    addressable (2.8.6)
      public_suffix (>= 2.0.2, < 6.0)
    bigdecimal (3.1.8)
    colorator (1.1.0)
    concurrent-ruby (1.3.3)
    em-websocket (0.5.3)
      eventmachine (>= 0.12.9)
      http_parser.rb (~> 0)
    ethon (0.16.0)
      ffi (>= 1.15.0)
    eventmachine (1.2.7)
    ffi (1.17.0-arm64-darwin)
    ffi (1.17.0-x86_64-darwin)
    forwardable-extended (2.6.0)
    google-protobuf (4.27.1-arm64-darwin)
      bigdecimal
      rake (>= 13)
    google-protobuf (4.27.1-x86_64-darwin)
      bigdecimal
      rake (>= 13)
    highline (3.0.1)
    html-proofer (3.19.4)
      addressable (~> 2.3)
      mercenary (~> 0.3)
      nokogiri (~> 1.13)
      parallel (~> 1.10)
      rainbow (~> 3.0)
      typhoeus (~> 1.3)
      yell (~> 2.0)
    http_parser.rb (0.8.0)
    i18n (1.14.5)
      concurrent-ruby (~> 1.0)
    jekyll (4.3.3)
      addressable (~> 2.4)
      colorator (~> 1.0)
      em-websocket (~> 0.5)
      i18n (~> 1.0)
      jekyll-sass-converter (>= 2.0, < 4.0)
      jekyll-watch (~> 2.0)
      kramdown (~> 2.3, >= 2.3.1)
      kramdown-parser-gfm (~> 1.0)
      liquid (~> 4.0)
      mercenary (>= 0.3.6, < 0.5)
      pathutil (~> 0.9)
      rouge (>= 3.0, < 5.0)
      safe_yaml (~> 1.0)
      terminal-table (>= 1.8, < 4.0)
      webrick (~> 1.7)
    jekyll-sass-converter (3.0.0)
      sass-embedded (~> 1.54)
    jekyll-watch (2.2.1)
      listen (~> 3.0)
    kramdown (2.4.0)
      rexml
    kramdown-parser-gfm (1.1.0)
      kramdown (~> 2.0)
    liquid (4.0.4)
    listen (3.9.0)
      rb-fsevent (~> 0.10, >= 0.10.3)
      rb-inotify (~> 0.9, >= 0.9.10)
    mercenary (0.4.0)
    mini_magick (4.12.0)
    nokogiri (1.16.5-arm64-darwin)
      racc (~> 1.4)
    nokogiri (1.16.5-x86_64-darwin)
      racc (~> 1.4)
    options (2.3.2)
    parallel (1.25.1)
    pathutil (0.16.2)
      forwardable-extended (~> 2.6)
    progress_bar (1.3.4)
      highline (>= 1.6)
      options (~> 2.3.0)
    public_suffix (5.0.5)
    racc (1.8.0)
    rainbow (3.1.1)
    rake (13.2.1)
    rb-fsevent (0.11.2)
    rb-inotify (0.11.1)
      ffi (~> 1.0)
    rexml (3.2.9)
      strscan
    rouge (4.2.1)
    safe_yaml (1.0.5)
    sass-embedded (1.77.4-arm64-darwin)
      google-protobuf (>= 3.25, < 5.0)
    sass-embedded (1.77.4-x86_64-darwin)
      google-protobuf (>= 3.25, < 5.0)
    strscan (3.1.0)
    terminal-table (3.0.2)
      unicode-display_width (>= 1.1.1, < 3)
    typhoeus (1.4.1)
      ethon (>= 0.9.0)
    unicode-display_width (2.5.0)
    wax_iiif (0.2.0)
      mini_magick (~> 4.9)
      parallel (~> 1.17)
      progress_bar (~> 1.3)
      rainbow (~> 3.0)
    wax_tasks (1.1.6)
      progress_bar
      rainbow
      rake
      safe_yaml
      wax_iiif (~> 0.2)
    webrick (1.8.1)
    yell (2.2.2)

PLATFORMS
  arm64-darwin
  x86_64-darwin

DEPENDENCIES
  html-proofer (~> 3.15)
  jekyll
  kramdown-parser-gfm
  wax_tasks (~> 1.1)
  webrick (~> 1.8)

BUNDLED WITH
   2.5.11
